PATH
  remote: .
  specs:
    hq-grapher-icinga-perfdata (0.1.0)
      hq-tools (>= 0.8.1)
      libxml-ruby (>= 2.6.0)
      rrd-ffi (>= 0.2.14)

GEM
  remote: https://rubygems.org/
  specs:
    activesupport (3.2.13)
      i18n (= 0.6.1)
      multi_json (~> 1.0)
    builder (3.2.2)
    cucumber (1.3.2)
      builder (>= 2.1.2)
      diff-lcs (>= 1.1.3)
      gherkin (~> 2.12.0)
      multi_json (~> 1.3)
    diff-lcs (1.2.4)
    ffi (1.9.0)
    gherkin (2.12.0)
      multi_json (~> 1.3)
    hq-dev (0.1.0)
    hq-tools (0.8.1)
    i18n (0.6.1)
    json (1.8.0)
    libxml-ruby (2.6.0)
    multi_json (1.7.6)
    rake (10.0.4)
    rrd-ffi (0.2.14)
      activesupport
      ffi
    rspec (2.13.0)
      rspec-core (~> 2.13.0)
      rspec-expectations (~> 2.13.0)
      rspec-mocks (~> 2.13.0)
    rspec-core (2.13.1)
    rspec-expectations (2.13.0)
      diff-lcs (>= 1.1.3, < 2.0)
    rspec-mocks (2.13.1)
    rspec_junit_formatter (0.1.6)
      builder
      rspec (~> 2.0)
      rspec-core (!= 2.12.0)
    simplecov (0.7.1)
      multi_json (~> 1.0)
      simplecov-html (~> 0.7.1)
    simplecov-html (0.7.1)

PLATFORMS
  ruby

DEPENDENCIES
  cucumber (>= 1.3.1)
  hq-dev (>= 0.1.0)
  hq-grapher-icinga-perfdata!
  json (>= 1.7.7)
  rake (>= 10.0.4)
  rspec (>= 2.13.0)
  rspec_junit_formatter (>= 0.1.6)
  simplecov (>= 0.7.1)
